GIT
  remote: https://github.com/nilclass/rack-webauth.git
  revision: 353eb1d893dc54fd02ae5097df6e1219391cf3ae
  specs:
    rack-webauth (0.1.3)
      rack

GEM
  remote: https://rubygems.org/
  specs:
    about_page (0.3.1)
      grit
      rails (>= 3.2)
    actioncable (5.0.1)
      actionpack (= 5.0.1)
      nio4r (~> 1.2)
      websocket-driver (~> 0.6.1)
    actionmailer (5.0.1)
      actionpack (= 5.0.1)
      actionview (= 5.0.1)
      activejob (= 5.0.1)
      mail (~> 2.5, >= 2.5.4)
      rails-dom-testing (~> 2.0)
    actionpack (5.0.1)
      actionview (= 5.0.1)
      activesupport (= 5.0.1)
      rack (~> 2.0)
      rack-test (~> 0.6.3)
      rails-dom-testing (~> 2.0)
      rails-html-sanitizer (~> 1.0, >= 1.0.2)
    actionview (5.0.1)
      activesupport (= 5.0.1)
      builder (~> 3.1)
      erubis (~> 2.7.0)
      rails-dom-testing (~> 2.0)
      rails-html-sanitizer (~> 1.0, >= 1.0.2)
    active-fedora (8.4.0)
      active-triples (~> 0.4.0)
      activesupport (>= 3.0.0)
      deprecation
      nom-xml (>= 0.5.1)
      om (~> 3.1)
      rdf-rdfxml (~> 1.1)
      rsolr (>= 1.0.11, < 3)
      rubydora (>= 1.8.0, < 3)
    active-triples (0.4.0)
      activemodel (>= 3.0.0)
      activesupport (>= 3.0.0)
      deprecation (~> 0.1)
      linkeddata (~> 1.1)
      rdf (~> 1.1)
    activejob (5.0.1)
      activesupport (= 5.0.1)
      globalid (>= 0.3.6)
    activemodel (5.0.1)
      activesupport (= 5.0.1)
    activerecord (5.0.1)
      activemodel (= 5.0.1)
      activesupport (= 5.0.1)
      arel (~> 7.0)
    activesupport (5.0.1)
      concurrent-ruby (~> 1.0, >= 1.0.2)
      i18n (~> 0.7)
      minitest (~> 5.1)
      tzinfo (~> 1.1)
    addressable (2.5.0)
      public_suffix (~> 2.0, >= 2.0.2)
    airbrussh (1.1.2)
      sshkit (>= 1.6.1, != 1.7.0)
    arel (7.1.4)
    ast (2.3.0)
    autoprefixer-rails (6.6.1)
      execjs
    bagit (0.4.0)
      docopt (~> 0.5.0)
      validatable (~> 1.6)
    barby (0.6.5)
    bcp47 (0.3.3)
      i18n
    blacklight (6.7.3)
      bootstrap-sass (~> 3.2)
      deprecation
      globalid
      kaminari (>= 0.15)
      nokogiri (~> 1.6)
      rails (>= 4.2, < 6)
      rsolr (>= 1.0.6, < 3)
      twitter-typeahead-rails (= 0.11.1.pre.corejavascript)
    blacklight-hierarchy (1.1.0)
      blacklight (~> 6.0)
      jquery-rails
      rails (>= 4.1, < 6)
    bootstrap-sass (3.3.7)
      autoprefixer-rails (>= 5.2.1)
      sass (>= 3.3.4)
    builder (3.2.3)
    bundler-audit (0.5.0)
      bundler (~> 1.2)
      thor (~> 0.18)
    byebug (9.0.6)
    cancancan (1.15.0)
    capistrano (3.7.1)
      airbrussh (>= 1.0.0)
      capistrano-harrow
      i18n
      rake (>= 10.0.0)
      sshkit (>= 1.9.0)
    capistrano-bundle_audit (0.2.1)
      bundler-audit (~> 0.5)
      capistrano (~> 3.0)
    capistrano-bundler (1.2.0)
      capistrano (~> 3.1)
      sshkit (~> 1.2)
    capistrano-harrow (0.5.3)
    capistrano-one_time_key (0.0.1)
      capistrano (~> 3.0)
    capistrano-passenger (0.2.0)
      capistrano (~> 3.0)
    capistrano-rails (1.2.2)
      capistrano (~> 3.1)
      capistrano-bundler (~> 1.1)
    capistrano-releaseboard (0.0.1)
      faraday
    capistrano-shared_configs (0.1.2)
    capistrano3-delayed-job (1.7.2)
      capistrano (~> 3.0, >= 3.0.0)
    capybara (2.11.0)
      addressable
      mime-types (>= 1.16)
      nokogiri (>= 1.3.3)
      rack (>= 1.0.0)
      rack-test (>= 0.5.4)
      xpath (~> 2.0)
    capybara_discoball (0.0.2)
      capybara (~> 2.7)
    celluloid (0.17.3)
      celluloid-essentials
      celluloid-extras
      celluloid-fsm
      celluloid-pool
      celluloid-supervision
      timers (>= 4.1.1)
    celluloid-essentials (0.20.5)
      timers (>= 4.1.1)
    celluloid-extras (0.20.5)
      timers (>= 4.1.1)
    celluloid-fsm (0.20.5)
      timers (>= 4.1.1)
    celluloid-io (0.17.3)
      celluloid (>= 0.17.2)
      nio4r (>= 1.1)
      timers (>= 4.1.1)
    celluloid-pool (0.20.5)
      timers (>= 4.1.1)
    celluloid-supervision (0.20.6)
      timers (>= 4.1.1)
    childprocess (0.5.9)
      ffi (~> 1.0, >= 1.0.11)
    chronic (0.10.2)
    cliver (0.3.2)
    codeclimate-test-reporter (1.0.4)
      simplecov
    coderay (1.1.1)
    coffee-rails (4.2.1)
      coffee-script (>= 2.2.0)
      railties (>= 4.0.0, < 5.2.x)
    coffee-script (2.4.1)
      coffee-script-source
      execjs
    coffee-script-source (1.12.2)
    concurrent-ruby (1.0.4)
    config (1.4.0)
      activesupport (>= 3.0)
      deep_merge (~> 1.1.1)
    confstruct (0.2.7)
    coveralls (0.8.18)
      json (>= 1.8, < 3)
      simplecov (~> 0.12.0)
      term-ansicolor (~> 1.3)
      thor (~> 0.19.1)
      tins (~> 1.6)
    crack (0.4.3)
      safe_yaml (~> 1.0.0)
    daemons (1.2.4)
    database_cleaner (1.5.3)
    debug_inspector (0.0.2)
    deep_merge (1.1.1)
    delayed_job (4.1.2)
      activesupport (>= 3.0, < 5.1)
    delayed_job_active_record (4.1.1)
      activerecord (>= 3.0, < 5.1)
      delayed_job (>= 3.0, < 5)
    deprecation (0.2.2)
      activesupport
    diff-lcs (1.2.5)
    dlss-capistrano (3.4.0)
      capistrano (~> 3.0)
      capistrano-bundle_audit (>= 0.1.0)
      capistrano-one_time_key
      capistrano-releaseboard
      capistrano-shared_configs
    docile (1.1.5)
    docopt (0.5.0)
    domain_name (0.5.20161129)
      unf (>= 0.0.5, < 1.0.0)
    dor-rights-auth (1.3.0)
      nokogiri
    dor-services (5.22.2)
      active-fedora (>= 6.0, < 9.a)
      activesupport (>= 3.2.18)
      confstruct (~> 0.2.7)
      dor-rights-auth (~> 1.0, >= 1.2.0)
      dor-workflow-service (~> 2.0, >= 2.0.1)
      druid-tools (~> 0.4, >= 0.4.1)
      equivalent-xml (~> 0.5, >= 0.5.1)
      json (>= 1.8.1)
      lyber-utils (~> 0.1.2)
      moab-versioning (~> 2.0)
      modsulator (>= 0.0.7, < 2)
      net-sftp (~> 2.1)
      nokogiri (~> 1.6)
      om (~> 3.0)
      rdf (~> 1.1, >= 1.1.7)
      rest-client (>= 1.7, < 3)
      retries
      rsolr (>= 1.0.3, < 3)
      ruby-cache (~> 0.3.0)
      ruby-graphviz
      rubydora (~> 1.6, >= 1.6.5)
      solrizer (~> 3.0)
      stanford-mods (>= 2.3.1)
      systemu (~> 2.6)
      uuidtools (~> 2.1.4)
    dor-workflow-service (2.2.1)
      activesupport (>= 3.2.1, < 6)
      confstruct (>= 0.2.7, < 2)
      faraday (~> 0.9, >= 0.9.2)
      net-http-persistent (>= 2.9.4, < 4.a)
      nokogiri (~> 1.6)
      retries
    druid-tools (0.4.1)
    ebnf (1.0.0)
      rdf (~> 1.1)
      sxp (~> 0.1, >= 0.1.3)
    equivalent-xml (0.6.0)
      nokogiri (>= 1.4.3)
    erubis (2.7.0)
    execjs (2.7.0)
    eye (0.9.1)
      celluloid (~> 0.17.3)
      celluloid-io (~> 0.17.0)
      sigar (~> 0.7.3)
      state_machines
      thor
    factory_girl (4.8.0)
      activesupport (>= 3.0.0)
    factory_girl_rails (4.8.0)
      factory_girl (~> 4.8.0)
      railties (>= 3.0.0)
    faraday (0.11.0)
      multipart-post (>= 1.2, < 3)
    ffi (1.9.17)
    globalid (0.3.7)
      activesupport (>= 4.1.0)
    grit (2.5.0)
      diff-lcs (~> 1.1)
      mime-types (~> 1.15)
      posix-spawn (~> 0.3.6)
    haml (4.0.7)
      tilt
    hashdiff (0.3.2)
    hitimes (1.2.4)
    honeybadger (2.7.2)
    hooks (0.4.1)
      uber (~> 0.0.14)
    htmlentities (4.3.4)
    http-cookie (1.0.3)
      domain_name (~> 0.5)
    http_logger (0.5.1)
    i18n (0.8.0)
    iso-639 (0.2.8)
    jbuilder (2.6.1)
      activesupport (>= 3.0.0, < 5.1)
      multi_json (~> 1.2)
    jettywrapper (2.0.4)
      activesupport (>= 3.0.0)
      childprocess
      i18n
      logger
      rubyzip (~> 1.0)
    jqgrid-jquery-rails (4.6.1)
      jquery-rails
      jquery-ui-rails (>= 5.0.0)
      railties (>= 3.1)
    jquery-rails (4.2.2)
      rails-dom-testing (>= 1, < 3)
      railties (>= 4.2.0)
      thor (>= 0.14, < 2.0)
    jquery-ui-rails (5.0.5)
      railties (>= 3.2.16)
    jquery-validation-rails (1.16.0)
    json (1.8.6)
    json-ld (1.99.2)
      multi_json (~> 1.11)
      rdf (~> 1.99)
    kaminari (1.0.0)
      activesupport (>= 4.1.0)
      kaminari-actionview (= 1.0.0)
      kaminari-activerecord (= 1.0.0)
      kaminari-core (= 1.0.0)
    kaminari-actionview (1.0.0)
      actionview
      kaminari-core (= 1.0.0)
    kaminari-activerecord (1.0.0)
      activerecord
      kaminari-core (= 1.0.0)
    kaminari-core (1.0.0)
    libv8 (3.16.14.17)
    link_header (0.0.8)
    linkeddata (1.99.0)
      equivalent-xml (~> 0.6)
      json-ld (~> 1.99)
      nokogiri (~> 1.6)
      rdf (~> 1.99)
      rdf-aggregate-repo (~> 1.99)
      rdf-isomorphic (~> 1.99)
      rdf-json (~> 1.1, >= 1.1.2)
      rdf-microdata (~> 2.0, >= 2.0.2)
      rdf-n3 (~> 1.99)
      rdf-rdfa (~> 1.99)
      rdf-rdfxml (~> 1.1, >= 1.1.5)
      rdf-reasoner (~> 0.3)
      rdf-tabular (~> 0.3)
      rdf-trig (~> 1.99, >= 1.99.0.1)
      rdf-trix (~> 1.99)
      rdf-turtle (~> 1.99)
      rdf-vocab (~> 0.8, >= 0.8.6)
      rdf-xsd (~> 1.1, >= 1.1.5)
      sparql (~> 1.99)
      sparql-client (~> 1.99)
    listen (3.0.8)
      rb-fsevent (~> 0.9, >= 0.9.4)
      rb-inotify (~> 0.9, >= 0.9.7)
    logger (1.2.8)
    loofah (2.0.3)
      nokogiri (>= 1.5.9)
    lyber-utils (0.1.2)
      bagit (>= 0.1.0)
      nokogiri (>= 1.4.3.1)
      systemu (>= 1.2.0)
      validatable
    mail (2.6.4)
      mime-types (>= 1.16, < 4)
    method_source (0.8.2)
    mime-types (1.25.1)
    mini_portile2 (2.1.0)
    minitest (5.10.1)
    moab-versioning (2.0.0)
      confstruct
      json
      nokogiri
      nokogiri-happymapper
      systemu
    mods (2.1.0)
      iso-639
      nokogiri
      nom-xml (~> 0.6.0)
    mods_display (0.4.1)
      i18n
      stanford-mods (~> 2.1)
    modsulator (1.0.4)
      activesupport
      equivalent-xml (>= 0.6.0)
      nokogiri
      roo (>= 1.1)
    multi_json (1.12.1)
    multipart-post (2.0.0)
    mysql2 (0.4.5)
    net-http-persistent (2.9.4)
    net-scp (1.2.1)
      net-ssh (>= 2.6.5)
    net-sftp (2.1.2)
      net-ssh (>= 2.6.5)
    net-ssh (4.0.1)
    netrc (0.11.0)
    newrelic_rpm (3.17.2.327)
    nio4r (1.2.1)
    nokogiri (1.7.0.1)
      mini_portile2 (~> 2.1.0)
    nokogiri-happymapper (0.5.9)
      nokogiri (~> 1.5)
    nom-xml (0.6.0)
      activesupport (>= 3.2.18)
      i18n
      nokogiri
    okcomputer (1.14.0)
    om (3.1.1)
      activemodel
      activesupport
      nokogiri (>= 1.4.2)
      solrizer (~> 3.3)
    parser (2.3.3.1)
      ast (~> 2.2)
    pdf-core (0.4.0)
    poltergeist (1.12.0)
      capybara (~> 2.1)
      cliver (~> 0.3.1)
      websocket-driver (>= 0.2.0)
    posix-spawn (0.3.13)
    powerpack (0.1.1)
    prawn (1.3.0)
      pdf-core (~> 0.4.0)
      ttfunk (~> 1.4.0)
    prawn-table (0.2.2)
      prawn (>= 1.3.0, < 3.0.0)
    pry (0.10.4)
      coderay (~> 1.1.0)
      method_source (~> 0.8.1)
      slop (~> 3.4)
    pry-byebug (3.4.2)
      byebug (~> 9.0)
      pry (~> 0.10)
    pry-doc (0.10.0)
      pry (~> 0.9)
      yard (~> 0.9)
    pry-rails (0.3.4)
      pry (>= 0.9.10)
    pry-remote (0.1.8)
      pry (~> 0.9)
      slop (~> 3.0)
    public_suffix (2.0.5)
    puma (3.6.2)
    rack (2.0.1)
    rack-mini-profiler (0.10.1)
      rack (>= 1.2.0)
    rack-test (0.6.3)
      rack (>= 1.0)
    rails (5.0.1)
      actioncable (= 5.0.1)
      actionmailer (= 5.0.1)
      actionpack (= 5.0.1)
      actionview (= 5.0.1)
      activejob (= 5.0.1)
      activemodel (= 5.0.1)
      activerecord (= 5.0.1)
      activesupport (= 5.0.1)
      bundler (>= 1.3.0, < 2.0)
      railties (= 5.0.1)
      sprockets-rails (>= 2.0.0)
    rails-controller-testing (1.0.1)
      actionpack (~> 5.x)
      actionview (~> 5.x)
      activesupport (~> 5.x)
    rails-dom-testing (2.0.2)
      activesupport (>= 4.2.0, < 6.0)
      nokogiri (~> 1.6)
    rails-html-sanitizer (1.0.3)
      loofah (~> 2.0)
    railties (5.0.1)
      actionpack (= 5.0.1)
      activesupport (= 5.0.1)
      method_source
      rake (>= 0.8.7)
      thor (>= 0.18.1, < 2.0)
    rainbow (2.2.1)
    rake (12.0.0)
    rb-fsevent (0.9.8)
    rb-inotify (0.9.7)
      ffi (>= 0.5.0)
    rdf (1.99.1)
      link_header (~> 0.0, >= 0.0.8)
    rdf-aggregate-repo (1.99.0)
      rdf (~> 1.99)
    rdf-isomorphic (1.99.0)
      rdf (~> 1.99)
    rdf-json (1.99.0)
      rdf (~> 1.99)
    rdf-microdata (2.0.2)
      htmlentities (~> 4.3)
      nokogiri (~> 1.6)
      rdf (~> 1.1)
      rdf-xsd (~> 1.1)
    rdf-n3 (1.99.0)
      rdf (~> 1.99)
    rdf-rdfa (1.99.1)
      haml (~> 4.0)
      htmlentities (~> 4.3)
      rdf (~> 1.99)
      rdf-aggregate-repo (~> 1.1)
      rdf-xsd (~> 1.1)
    rdf-rdfxml (1.99.0)
      htmlentities (~> 4.3)
      rdf (~> 1.99)
      rdf-rdfa (~> 1.99)
      rdf-xsd (~> 1.99)
    rdf-reasoner (0.3.0)
      rdf (~> 1.1, >= 1.1.4.2)
      rdf-turtle (~> 1.1)
      rdf-vocab (~> 0.8)
      rdf-xsd (~> 1.1)
    rdf-tabular (0.3.0)
      addressable (~> 2.3)
      bcp47 (~> 0.3, >= 0.3.3)
      json-ld (~> 1.1)
      rdf (~> 1.1, >= 1.1.7)
      rdf-vocab (~> 0.8)
      rdf-xsd (~> 1.1)
    rdf-trig (1.99.0.1)
      ebnf (~> 1.0)
      rdf (~> 1.99)
      rdf-turtle (~> 1.99)
    rdf-trix (1.99.0)
      rdf (~> 1.1)
    rdf-turtle (1.99.0)
      ebnf (~> 1.0)
      rdf (~> 1.99)
    rdf-vocab (0.8.8)
      rdf (~> 1.1, >= 1.1.10)
    rdf-xsd (1.99.0)
      rdf (~> 1.99)
    ref (2.0.0)
    responders (2.3.0)
      railties (>= 4.2.0, < 5.1)
    rest-client (2.0.0)
      http-cookie (>= 1.0.2, < 2.0)
      mime-types (>= 1.16, < 4.0)
      netrc (~> 0.8)
    retries (0.0.5)
    roo (2.7.1)
      nokogiri (~> 1)
      rubyzip (~> 1.1, < 2.0.0)
    rsolr (1.1.2)
      builder (>= 2.1.2)
    rspec-core (3.5.4)
      rspec-support (~> 3.5.0)
    rspec-expectations (3.5.0)
      diff-lcs (>= 1.2.0, < 2.0)
      rspec-support (~> 3.5.0)
    rspec-mocks (3.5.0)
      diff-lcs (>= 1.2.0, < 2.0)
      rspec-support (~> 3.5.0)
    rspec-rails (3.5.2)
      actionpack (>= 3.0)
      activesupport (>= 3.0)
      railties (>= 3.0)
      rspec-core (~> 3.5.0)
      rspec-expectations (~> 3.5.0)
      rspec-mocks (~> 3.5.0)
      rspec-support (~> 3.5.0)
    rspec-support (3.5.0)
    rubocop (0.47.1)
      parser (>= 2.3.3.1, < 3.0)
      powerpack (~> 0.1)
      rainbow (>= 1.99.1, < 3.0)
      ruby-progressbar (~> 1.7)
      unicode-display_width (~> 1.0, >= 1.0.1)
    ruby-cache (0.3.0)
    ruby-graphviz (1.2.2)
    ruby-prof (0.16.2)
    ruby-progressbar (1.8.1)
    rubydora (1.9.1)
      activemodel
      activesupport
      deprecation
      equivalent-xml
      hooks (~> 0.3)
      mime-types
      nokogiri
      rest-client
    rubyzip (1.2.1)
    safe_yaml (1.0.4)
    sass (3.4.23)
    sass-rails (5.0.6)
      railties (>= 4.0.0, < 6)
      sass (~> 3.1)
      sprockets (>= 2.8, < 4.0)
      sprockets-rails (>= 2.0, < 4.0)
      tilt (>= 1.1, < 3)
    sigar (0.7.3)
    simplecov (0.12.0)
      docile (~> 1.1.0)
      json (>= 1.8, < 3)
      simplecov-html (~> 0.10.0)
    simplecov-html (0.10.0)
    slop (3.6.0)
    solrizer (3.4.1)
      activesupport
      daemons
      nokogiri
      stomp
      xml-simple
    sparql (1.99.1)
      builder (~> 3.2)
      ebnf (~> 1.0)
      rdf (~> 1.99)
      rdf-aggregate-repo (~> 1.99)
      rdf-xsd (~> 1.1)
      sparql-client (~> 1.1)
      sxp (~> 0.1)
    sparql-client (1.99.1)
      json (~> 1.8)
      net-http-persistent (~> 2.9)
      rdf (>= 1.99, < 3)
      tins (= 1.6.0)
    spring (2.0.0)
      activesupport (>= 4.2)
    spring-watcher-listen (2.0.1)
      listen (>= 2.7, < 4.0)
      spring (>= 1.2, < 3.0)
    sprockets (3.7.1)
      concurrent-ruby (~> 1.0)
      rack (> 1, < 3)
    sprockets-rails (3.2.0)
      actionpack (>= 4.0)
      activesupport (>= 4.0)
      sprockets (>= 3.0.0)
    sqlite3 (1.3.13)
    sshkit (1.11.5)
      net-scp (>= 1.1.2)
      net-ssh (>= 2.8.0)
    stanford-mods (2.4.0)
      activesupport
      mods (~> 2.0, >= 2.0.2)
    state_machines (0.4.0)
    stomp (1.4.3)
    sul_styles (0.6.1)
      rails (>= 4.1, < 6)
    sxp (0.1.5)
    systemu (2.6.5)
    term-ansicolor (1.4.0)
      tins (~> 1.0)
    therubyracer (0.12.3)
      libv8 (~> 3.16.14.15)
      ref
    thor (0.19.4)
    thread_safe (0.3.5)
    tilt (2.0.6)
    timers (4.1.2)
      hitimes
    tins (1.6.0)
    ttfunk (1.4.0)
    turbolinks (5.0.1)
      turbolinks-source (~> 5)
    turbolinks-source (5.0.0)
    twitter-typeahead-rails (0.11.1.pre.corejavascript)
      actionpack (>= 3.1)
      jquery-rails
      railties (>= 3.1)
    tzinfo (1.2.2)
      thread_safe (~> 0.1)
    uber (0.0.15)
    uglifier (3.0.4)
      execjs (>= 0.3.0, < 3)
    unf (0.1.4)
      unf_ext
    unf_ext (0.0.7.2)
    unicode-display_width (1.1.3)
    uuidtools (2.1.5)
    validatable (1.6.7)
    web-console (3.4.0)
      actionview (>= 5.0)
      activemodel (>= 5.0)
      debug_inspector
      railties (>= 5.0)
    webmock (2.3.2)
      addressable (>= 2.3.6)
      crack (>= 0.3.2)
      hashdiff
    websocket-driver (0.6.4)
      websocket-extensions (>= 0.1.0)
    websocket-extensions (0.1.2)
    wfs_rails (0.1.0)
      rails (>= 4.2.4, < 6)
    whenever (0.9.7)
      chronic (>= 0.6.3)
    xml-simple (1.1.5)
    xpath (2.0.0)
      nokogiri (~> 1.3)
    yard (0.9.8)

PLATFORMS
  ruby

DEPENDENCIES
  about_page
  active-fedora (~> 8.2)
  barby
  blacklight (~> 6.0)
  blacklight-hierarchy
  bootstrap-sass
  byebug
  cancancan
  capistrano (~> 3.6)
  capistrano-passenger
  capistrano-rails
  capistrano-shared_configs
  capistrano3-delayed-job (~> 1.0)
  capybara
  capybara_discoball
  codeclimate-test-reporter
  coderay
  coffee-rails (~> 4.2)
  config
  coveralls
  database_cleaner
  delayed_job
  delayed_job_active_record
  dlss-capistrano (~> 3.1)
  dor-services (>= 5.22.2, < 6)
  ebnf (= 1.0.0)
  equivalent-xml (>= 0.6.0)
  eye
  factory_girl_rails
  faraday
  honeybadger (~> 2.0)
  http_logger
  jbuilder (~> 2.5)
  jettywrapper
  jqgrid-jquery-rails
  jquery-rails
  jquery-ui-rails (~> 5.0)
  jquery-validation-rails
  linkeddata (~> 1.99)
  listen (~> 3.0.5)
  moab-versioning
  mods_display
  mysql2 (~> 0.4.5)
  net-sftp
  newrelic_rpm
  nokogiri (~> 1.6)
  okcomputer
  poltergeist
  prawn (~> 1)
  prawn-table
  pry-byebug
  pry-doc
  pry-rails
  pry-remote
  puma (~> 3.0)
  rack-mini-profiler
  rack-webauth!
  rails (~> 5.0.0, >= 5.0.0.1)
  rails-controller-testing
  rake
  rdf (~> 1.99)
  rdf-microdata (= 2.0.2)
  rdf-reasoner (~> 0.3.0)
  rdf-tabular (~> 0.3.0)
  responders (~> 2.0)
  retries
  rsolr
  rspec-rails (~> 3.5)
  rubocop
  ruby-graphviz
  ruby-prof
  sass-rails (~> 5.0)
  simplecov
  spring
  spring-watcher-listen (~> 2.0.0)
  sqlite3
  stanford-mods
  sul_styles (~> 0.3)
  therubyracer
  turbolinks (~> 5)
  tzinfo-data
  uglifier (>= 1.3.0)
  web-console
  webmock
  wfs_rails (~> 0.1)
  whenever

BUNDLED WITH
   1.14.4
